PATH
  remote: .
  specs:
    hocr_reader (0.3.0)
      nokogiri (~> 1.11.1)

GEM
  remote: https://rubygems.org/
  specs:
    mini_portile2 (2.5.0)
    minitest (5.14.4)
    nokogiri (1.11.3)
      mini_portile2 (~> 2.5.0)
      racc (~> 1.4)
    racc (1.5.2)
    rake (12.3.3)

PLATFORMS
  ruby

DEPENDENCIES
  hocr_reader!
  minitest (~> 5.0)
  nokogiri
  rake (~> 12.0)

BUNDLED WITH
   2.1.4
