PATH
  remote: .
  specs:
    hocr_reader (1.2.0)
      nokogiri (~> 1.13.3)

GEM
  remote: https://rubygems.org/
  specs:
    docile (1.4.0)
    mini_portile2 (2.8.0)
    minitest (5.16.3)
    mocha (1.14.0)
    nokogiri (1.13.8)
      mini_portile2 (~> 2.8.0)
      racc (~> 1.4)
    racc (1.6.0)
    rake (13.0.6)
    simplecov (0.21.2)
      docile (~> 1.1)
      simplecov-html (~> 0.11)
      simplecov_json_formatter (~> 0.1)
    simplecov-html (0.12.3)
    simplecov_json_formatter (0.1.4)

PLATFORMS
  ruby

DEPENDENCIES
  hocr_reader!
  minitest (~> 5.0)
  mocha
  nokogiri (~> 1.13.3)
  rake (~> 13.0)
  simplecov

BUNDLED WITH
   2.3.7
