PATH
  remote: .
  specs:
    hocr_reader (1.1.0)
      nokogiri (>= 1.11.1, < 1.14.0)

GEM
  remote: https://rubygems.org/
  specs:
    mini_portile2 (2.8.0)
    minitest (5.14.4)
    nokogiri (1.13.4)
      mini_portile2 (~> 2.8.0)
      racc (~> 1.4)
    racc (1.6.0)
    rake (13.0.6)

PLATFORMS
  ruby

DEPENDENCIES
  hocr_reader!
  minitest (~> 5.0)
  nokogiri
  rake (~> 13.0)

BUNDLED WITH
   2.2.27
