PATH
  remote: .
  specs:
    hocr_reader (1.1.0)
      nokogiri (~> 1.11.1)

GEM
  remote: https://rubygems.org/
  specs:
    mini_portile2 (2.5.3)
    minitest (5.15.0)
    nokogiri (1.11.7)
      mini_portile2 (~> 2.5.0)
      racc (~> 1.4)
    racc (1.6.0)
    rake (13.0.6)

PLATFORMS
  ruby

DEPENDENCIES
  hocr_reader!
  minitest (~> 5.0)
  nokogiri
  rake (~> 13.0)

BUNDLED WITH
   2.3.7
