PATH
  remote: .
  specs:
    hocr_reader (0.1.0)
      nokogiri (~> 1.10.10)

GEM
  remote: https://rubygems.org/
  specs:
    mini_portile2 (2.4.0)
    minitest (5.14.1)
    nokogiri (1.10.10)
      mini_portile2 (~> 2.4.0)
    rake (12.3.3)

PLATFORMS
  ruby

DEPENDENCIES
  hocr_reader!
  minitest (~> 5.0)
  nokogiri
  rake (~> 12.0)

BUNDLED WITH
   2.1.4
